GEM
  remote: https://rubygems.org/
  specs:
    puma (3.12.2)
    rack (2.0.6)

PLATFORMS
  ruby

DEPENDENCIES
  puma
  rack

RUBY VERSION
   ruby 2.5.1p57

BUNDLED WITH
   1.16.4
